NUGET
  remote: https://nuget.org/api/v2
  specs:
    FSharp.Core (3.1.2.1)
    Newtonsoft.Json (6.0.8)
    Paket (1.5.3)
    Paket.Core (1.5.3)
      FSharp.Core
      Newtonsoft.Json
