NUGET
  remote: https://nuget.org/api/v2
  specs:
    Paket (1.5.3)
