NUGET
  remote: https://nuget.org/api/v2
  specs:
    FSharp.Core (3.1.2.1)
    ILRepack (1.26.0)
    Mono.NuGet (2.8.5-beta-1)
    Newtonsoft.Json (6.0.8)
    Paket (1.10.0)
    Paket.Core (1.10.0)
      FSharp.Core
      Newtonsoft.Json
