NUGET
  remote: https://nuget.org/api/v2
  specs:
    Mono.NuGet (2.8.5-beta-1)
    Paket (1.10.0)
